GEM
  remote: https://rubygems.org/
  specs:
    backports (3.6.0)
    json (1.8.1)
    multi_json (1.8.4)
    rack (1.5.2)
    rack-protection (1.5.2)
      rack
    rack-test (0.6.2)
      rack (>= 1.0)
    redcarpet (3.5.1)
    rubytree (0.9.3)
      json (~> 1.8)
      structured_warnings (~> 0.1)
    sass (3.2.14)
    sinatra (1.4.4)
      rack (~> 1.4)
      rack-protection (~> 1.4)
      tilt (~> 1.3, >= 1.3.4)
    sinatra-contrib (1.4.2)
      backports (>= 2.0)
      multi_json
      rack-protection
      rack-test
      sinatra (~> 1.4.0)
      tilt (~> 1.3)
    slim (2.0.2)
      temple (~> 0.6.6)
      tilt (>= 1.3.3, < 2.1)
    structured_warnings (0.1.4)
    temple (0.6.7)
    tilt (1.4.1)

PLATFORMS
  ruby

DEPENDENCIES
  redcarpet
  rubytree
  sass
  sinatra (~> 1.4.4)
  sinatra-contrib
  slim
